GIT
  remote: git://github.com/beeminder/beeminder-gem.git
  revision: 88d79287886828e66637c1663be3fb93fcf4d73b
  specs:
    beeminder (0.2.11)
      activesupport (>= 3.2, < 6)
      chronic (~> 0.7)
      highline (~> 1.6)
      json
      trollop (~> 2)
      tzinfo

GEM
  remote: https://rubygems.org/
  specs:
    activesupport (4.2.10)
      i18n (~> 0.7)
      minitest (~> 5.1)
      thread_safe (~> 0.3, >= 0.3.4)
      tzinfo (~> 1.1)
    awesome_print (1.6.1)
    chronic (0.10.2)
    concurrent-ruby (1.0.5)
    highline (1.7.10)
    i18n (0.9.5)
      concurrent-ruby (~> 1.0)
    json (2.1.0)
    minitest (5.11.3)
    sequel (4.31.0)
    sqlite3 (1.3.11)
    thread_safe (0.3.5)
    trollop (2.9.9)
    tzinfo (1.2.2)
      thread_safe (~> 0.1)

PLATFORMS
  ruby

DEPENDENCIES
  activesupport (< 5.0)
  awesome_print
  beeminder!
  sequel
  sqlite3

BUNDLED WITH
   1.16.4
