GIT
  remote: git://github.com/beeminder/beeminder-gem.git
  revision: 77b80ff036dec84e034bc107a076788c537c7b45
  specs:
    beeminder (0.2.12)
      activesupport (>= 3.2, < 7)
      chronic (~> 0.7)
      highline (~> 1.6)
      json
      optimist (~> 3)
      tzinfo

GEM
  remote: https://rubygems.org/
  specs:
    activesupport (6.1.4.1)
      concurrent-ruby (~> 1.0, >= 1.0.2)
      i18n (>= 1.6, < 2)
      minitest (>= 5.1)
      tzinfo (~> 2.0)
      zeitwerk (~> 2.3)
    awesome_print (1.9.2)
    chronic (0.10.2)
    concurrent-ruby (1.1.9)
    highline (1.7.10)
    i18n (1.8.10)
      concurrent-ruby (~> 1.0)
    json (2.5.1)
    minitest (5.14.4)
    optimist (3.0.1)
    sequel (5.48.0)
    sqlite3 (1.4.2)
    tzinfo (2.0.4)
      concurrent-ruby (~> 1.0)
    zeitwerk (2.4.2)

PLATFORMS
  ruby

DEPENDENCIES
  activesupport
  awesome_print
  beeminder!
  sequel
  sqlite3

RUBY VERSION
   ruby 2.7.4p191

BUNDLED WITH
   2.1.4
