GIT
  remote: git://github.com/beeminder/beeminder-gem.git
  revision: e51a35fc3018e07dc42beabd7fa214f0f8516c80
  specs:
    beeminder (0.2.11)
      activesupport (>= 3.2, < 6)
      chronic (~> 0.7)
      highline (~> 1.6)
      json
      optimist (~> 3)
      tzinfo

GEM
  remote: https://rubygems.org/
  specs:
    activesupport (5.2.4.2)
      concurrent-ruby (~> 1.0, >= 1.0.2)
      i18n (>= 0.7, < 2)
      minitest (~> 5.1)
      tzinfo (~> 1.1)
    awesome_print (1.8.0)
    chronic (0.10.2)
    concurrent-ruby (1.1.6)
    highline (1.7.10)
    i18n (1.8.2)
      concurrent-ruby (~> 1.0)
    json (2.3.0)
    minitest (5.14.0)
    optimist (3.0.0)
    sequel (5.30.0)
    sqlite3 (1.4.2)
    thread_safe (0.3.6)
    tzinfo (1.2.6)
      thread_safe (~> 0.1)

PLATFORMS
  ruby

DEPENDENCIES
  activesupport (< 6.0)
  awesome_print
  beeminder!
  sequel
  sqlite3

RUBY VERSION
   ruby 2.6.5p114

BUNDLED WITH
   1.17.3
